PATH
  remote: ./import
  specs:
    parse-db-import (0.0.2)
      activerecord (~> 4.1)
      commander (~> 4.2)
      pg (~> 0.17)

GEM
  specs:
    activemodel (4.2.6)
      activesupport (= 4.2.6)
      builder (~> 3.1)
    activerecord (4.2.6)
      activemodel (= 4.2.6)
      activesupport (= 4.2.6)
      arel (~> 6.0)
    activesupport (4.2.6)
      i18n (~> 0.7)
      json (~> 1.7, >= 1.7.7)
      minitest (~> 5.1)
      thread_safe (~> 0.3, >= 0.3.4)
      tzinfo (~> 1.1)
    arel (6.0.3)
    builder (3.2.2)
    commander (4.4.0)
      highline (~> 1.7.2)
    highline (1.7.8)
    i18n (0.7.0)
    json (1.8.3)
    minitest (5.9.0)
    pg (0.18.4)
    thread_safe (0.3.5)
    tzinfo (1.2.2)
      thread_safe (~> 0.1)

PLATFORMS
  ruby

DEPENDENCIES
  parse-db-import!
